GIT
  remote: https://github.com/gmhawash/capistrano-db-tasks.git
  revision: ed6a94242146dd530edfc088c83e877b9145062a
  specs:
    capistrano-db-tasks (0.4.1)
      capistrano (>= 3.0.0)

GEM
  remote: https://rubygems.org/
  specs:
    airbrussh (1.0.2)
      sshkit (>= 1.6.1, != 1.7.0)
    capistrano (3.5.0)
      airbrussh (>= 1.0.0)
      capistrano-harrow
      i18n
      rake (>= 10.0.0)
      sshkit (>= 1.9.0)
    capistrano-bundler (1.1.4)
      capistrano (~> 3.1)
      sshkit (~> 1.2)
    capistrano-faster-assets (1.0.2)
      capistrano (>= 3.1)
    capistrano-harrow (0.5.1)
    capistrano-maintenance (1.0.0)
      capistrano (>= 3.0)
    capistrano-postgresql (4.2.1)
      capistrano (>= 3.0)
    capistrano-rails (1.1.7)
      capistrano (~> 3.1)
      capistrano-bundler (~> 1.1)
    capistrano-rails-console (1.0.2)
      capistrano (>= 3.1.0, < 4.0.0)
    capistrano-safe-deploy-to (1.1.1)
      capistrano (>= 3.0)
    capistrano-ssh-doctor (1.0.0)
      capistrano (>= 3.1)
    i18n (0.7.0)
    net-scp (1.2.1)
      net-ssh (>= 2.6.5)
    net-ssh (3.1.1)
    rake (11.2.2)
    rvm1-capistrano3 (1.4.0)
      capistrano (~> 3.0)
      sshkit (>= 1.2)
    sshkit (1.11.0)
      net-scp (>= 1.1.2)
      net-ssh (>= 2.8.0)
    sshkit-sudo (0.1.0)
      sshkit (~> 1.8)

PLATFORMS
  ruby

DEPENDENCIES
  capistrano (~> 3.5)
  capistrano-db-tasks!
  capistrano-faster-assets (~> 1.0)
  capistrano-maintenance (~> 1.0)
  capistrano-postgresql (~> 4.2)
  capistrano-rails (~> 1.1)
  capistrano-rails-console
  capistrano-safe-deploy-to (~> 1.1)
  capistrano-ssh-doctor (~> 1.0)
  rvm1-capistrano3 (~> 1.4)
  sshkit (~> 1.10)
  sshkit-sudo (~> 0.1)

BUNDLED WITH
   1.11.2
